GEM
  remote: https://rubygems.org/
  specs:
    approvals (0.0.22)
      nokogiri (~> 1.6)
      thor (~> 0.18)
    diff-lcs (1.2.5)
    mini_portile2 (2.1.0)
    nokogiri (1.6.8)
      mini_portile2 (~> 2.1.0)
      pkg-config (~> 1.1.7)
    pkg-config (1.1.7)
    rspec (3.4.0)
      rspec-core (~> 3.4.0)
      rspec-expectations (~> 3.4.0)
      rspec-mocks (~> 3.4.0)
    rspec-core (3.4.4)
      rspec-support (~> 3.4.0)
    rspec-expectations (3.4.0)
      diff-lcs (>= 1.2.0, < 2.0)
      rspec-support (~> 3.4.0)
    rspec-mocks (3.4.1)
      diff-lcs (>= 1.2.0, < 2.0)
      rspec-support (~> 3.4.0)
    rspec-support (3.4.1)
    thor (0.19.1)

PLATFORMS
  ruby

DEPENDENCIES
  approvals
  rspec

BUNDLED WITH
   1.12.5
